GEM
  remote: https://rubygems.org/
  specs:
    ProMotion (1.0.4)
    activesupport (3.2.14)
      i18n (~> 0.6, >= 0.6.4)
      multi_json (~> 1.0)
    addressable (2.3.5)
    awesome_print_motion (0.1.0)
    bubble-wrap (1.3.0)
    choice (0.1.6)
    faraday (0.8.8)
      multipart-post (~> 1.2.0)
    formotion (1.5.0)
      bubble-wrap (~> 1.3.0)
      motion-require (~> 0.0.3)
    git (1.2.6)
    httmultiparty (0.3.10)
      httparty (>= 0.7.3)
      multipart-post
    httparty (0.11.0)
      multi_json (~> 1.0)
      multi_xml (>= 0.5.2)
    i18n (0.6.5)
    json (1.7.7)
    launchy (2.2.0)
      addressable (~> 2.3)
    lolcommits (0.4.6)
      activesupport (~> 3.2.12)
      choice (~> 0.1.6)
      git (~> 1.2.5)
      httmultiparty
      json (~> 1.7.6)
      launchy (~> 2.2.0)
      methadone (~> 1.2.4)
      mini_magick (~> 3.5)
      oauth
      open4 (~> 1.3.0)
      rest-client
      twitter
    methadone (1.2.6)
      bundler
    mime-types (1.25)
    mini_magick (3.6.0)
      subexec (~> 0.2.1)
    motion-map (0.0.4)
    motion-redgreen (0.1.0)
    motion-require (0.0.7)
    multi_json (1.7.9)
    multi_xml (0.5.5)
    multipart-post (1.2.0)
    oauth (0.4.7)
    open4 (1.3.0)
    rake (10.1.0)
    rest-client (1.6.7)
      mime-types (>= 1.16)
    simple_oauth (0.2.0)
    subexec (0.2.3)
    sugarcube (1.1.0)
    teacup (2.1.9)
    twitter (4.8.1)
      faraday (~> 0.8, < 0.10)
      multi_json (~> 1.0)
      simple_oauth (~> 0.2)

PLATFORMS
  ruby

DEPENDENCIES
  ProMotion
  awesome_print_motion
  bubble-wrap
  formotion
  lolcommits
  motion-map
  motion-redgreen
  rake
  sugarcube
  teacup
